GEM
  remote: http://rubygems.org/
  specs:
    haml (3.1.2)
    haml-server (0.2)
      haml
      sinatra
    rack (1.3.2)
    sass (3.1.7)
    sinatra (1.2.6)
      rack (~> 1.1)
      tilt (>= 1.2.2, < 2.0)
    tilt (1.3.2)

PLATFORMS
  ruby

DEPENDENCIES
  haml
  haml-server
  sass
